GEM
  remote: https://rubygems.org/
  specs:
    coderay (1.1.2)
    dictionary-rb (0.1.3)
      highline
      nokogiri
      redcarpet
      thor
    diff-lcs (1.3)
    highline (2.0.0)
    method_source (0.9.0)
    mini_portile2 (2.3.0)
    nokogiri (1.8.3)
      mini_portile2 (~> 2.3.0)
    pry (0.11.3)
      coderay (~> 1.1.0)
      method_source (~> 0.9.0)
    redcarpet (3.4.0)
    rspec (3.7.0)
      rspec-core (~> 3.7.0)
      rspec-expectations (~> 3.7.0)
      rspec-mocks (~> 3.7.0)
    rspec-core (3.7.1)
      rspec-support (~> 3.7.0)
    rspec-expectations (3.7.0)
      diff-lcs (>= 1.2.0, < 2.0)
      rspec-support (~> 3.7.0)
    rspec-mocks (3.7.0)
      diff-lcs (>= 1.2.0, < 2.0)
      rspec-support (~> 3.7.0)
    rspec-support (3.7.1)
    thor (0.20.0)

PLATFORMS
  ruby

DEPENDENCIES
  dictionary-rb (~> 0.1.3)
  pry
  rspec

BUNDLED WITH
   1.14.6
